GEM
  specs:
    coderay (1.1.3)
    method_source (1.0.0)
    pry (0.13.1)
      coderay (~> 1.1)
      method_source (~> 1.0)

PLATFORMS
  x64-mingw-ucrt

DEPENDENCIES
  pry (~> 0.13.1)

BUNDLED WITH
   2.3.7
